PATH
  remote: .
  specs:
    organization_license_audit (0.0.0)

GEM
  remote: https://rubygems.org/
  specs:
    bump (0.3.9)
    diff-lcs (1.1.3)
    rake (10.0.3)
    rspec (2.12.0)
      rspec-core (~> 2.12.0)
      rspec-expectations (~> 2.12.0)
      rspec-mocks (~> 2.12.0)
    rspec-core (2.12.2)
    rspec-expectations (2.12.1)
      diff-lcs (~> 1.1.3)
    rspec-mocks (2.12.2)

PLATFORMS
  ruby

DEPENDENCIES
  bump
  organization_license_audit!
  rake
  rspec (~> 2)
