PATH
  remote: .
  specs:
    organization_license_audit (1.0.5)
      license_finder (>= 0.9.4)
      organization_audit

GEM
  remote: https://rubygems.org/
  specs:
    bump (0.3.9)
    diff-lcs (1.1.3)
    httparty (0.11.0)
      multi_json (~> 1.0)
      multi_xml (>= 0.5.2)
    json (1.8.1)
    license_finder (0.9.4)
      bundler
      httparty (= 0.11.0)
      rake
      sequel
      sqlite3
      thor
    multi_json (1.8.2)
    multi_xml (0.5.5)
    organization_audit (1.0.2)
      json
    rake (10.0.3)
    rspec (2.12.0)
      rspec-core (~> 2.12.0)
      rspec-expectations (~> 2.12.0)
      rspec-mocks (~> 2.12.0)
    rspec-core (2.12.2)
    rspec-expectations (2.12.1)
      diff-lcs (~> 1.1.3)
    rspec-mocks (2.12.2)
    sequel (4.6.0)
    sqlite3 (1.3.8)
    thor (0.18.1)

PLATFORMS
  ruby

DEPENDENCIES
  bump
  organization_license_audit!
  rake
  rspec (~> 2)
